PATH
  remote: .
  specs:
    fen (0.1.0)
      thor

GEM
  remote: https://rubygems.org/
  specs:
    rake (13.0.1)
    thor (0.20.3)

PLATFORMS
  ruby

DEPENDENCIES
  bundler (~> 1.17)
  fen!
  rake (~> 13.0)

BUNDLED WITH
   1.17.2
